GEM
  remote: https://rubygems.org/
  specs:
    gist (4.4.2)
    paint (0.8.7)
    rcodetools (0.8.5.0)
    wirb (1.0.3)
      paint (~> 0.8)

PLATFORMS
  ruby

DEPENDENCIES
  gist
  rcodetools
  wirb
