GIT
  remote: https://github.com/dylansm/gist
  revision: b35d7acf2de059f3a9f111e1aacb32352cbfaae2
  specs:
    gist (4.4.3)

GEM
  remote: https://rubygems.org/
  specs:
    paint (1.0.0)
    rcodetools (0.8.5.0)
    wirb (2.0.0)
      paint (>= 0.9, < 2.0)

PLATFORMS
  ruby

DEPENDENCIES
  gist!
  rcodetools
  wirb

BUNDLED WITH
   1.10.6
